STORAGE: NONE
RESTRICTION: == net8.0
NUGET
  remote: https://api.nuget.org/v3/index.json
    Acornima (1.1)
    Antlr4.Runtime.Standard (4.13.1)
    Apache.Avro (1.12)
      Newtonsoft.Json (>= 13.0.1)
      System.CodeDom (>= 8.0)
    Chr.Avro (10.5)
      Microsoft.CSharp (>= 4.7)
      System.Collections.Immutable (>= 5.0)
      System.ComponentModel.Annotations (>= 5.0)
    Chr.Avro.Json (10.5)
      Chr.Avro (>= 10.5)
      System.Runtime.Numerics (>= 4.3)
    Confluent.Kafka (2.6.1)
      librdkafka.redist (>= 2.6.1)
    Confluent.SchemaRegistry (2.6.1)
      Confluent.Kafka (>= 2.6.1)
      Microsoft.Extensions.Caching.Memory (>= 8.0.1)
      Newtonsoft.Json (>= 13.0.1)
    Confluent.SchemaRegistry.Serdes.Avro (2.6.1)
      Apache.Avro (>= 1.12)
      Confluent.Kafka (>= 2.6.1)
      Confluent.SchemaRegistry (>= 2.6.1)
    Cronos (0.8.4)
    DistributedLock.Core (1.0.7)
    DistributedLock.FileSystem (1.0.2)
      DistributedLock.Core (>= 1.0.6 < 1.1)
    Elsa (3.2)
      Elsa.Api.Common (>= 3.2)
      Elsa.Workflows.Core (>= 3.2)
      Elsa.Workflows.Management (>= 3.2)
      Elsa.Workflows.Runtime (>= 3.2)
      Microsoft.Extensions.DependencyInjection.Abstractions (>= 8.0.1)
      Microsoft.Extensions.Hosting.Abstractions (>= 8.0)
      Microsoft.Extensions.Logging (>= 8.0)
    Elsa.Api.Common (3.2.3)
      Elsa.Features (>= 3.2.3)
      Elsa.Workflows.Core (>= 3.2.3)
      FastEndpoints (>= 5.27)
      FastEndpoints.Security (>= 5.27)
      FastEndpoints.Swagger (>= 5.27)
    Elsa.Caching (3.2.3)
      Elsa.Features (>= 3.2.3)
      Microsoft.Extensions.Caching.Memory (>= 8.0.1)
      Scrutor (>= 4.2.2)
    Elsa.Common (3.2.3)
      DistributedLock.Core (>= 1.0.7)
      Elsa.Features (>= 3.2.3)
      Elsa.Mediator (>= 3.2.3)
      LinqKit.Core (>= 1.2.5)
    Elsa.Dsl (3.2.3)
      Antlr4.Runtime.Standard (>= 4.13.1)
      Elsa.Workflows.Core (>= 3.2.3)
    Elsa.Expressions (3.2.3)
      Elsa.Features (>= 3.2.3)
      Microsoft.Extensions.DependencyInjection.Abstractions (>= 8.0.2)
      Microsoft.Extensions.Options (>= 8.0.2)
    Elsa.Features (3.2.3)
      Microsoft.Extensions.DependencyInjection.Abstractions (>= 8.0.2)
      Microsoft.Extensions.Hosting.Abstractions (>= 8.0.1)
    Elsa.Http (3.2)
      Elsa.JavaScript (>= 3.2)
      Elsa.Liquid (>= 3.2)
      Elsa.SasTokens (>= 3.2)
      Elsa.Workflows.Core (>= 3.2)
      Elsa.Workflows.Management (>= 3.2)
      Elsa.Workflows.Runtime (>= 3.2)
      FluentStorage (>= 5.4.3)
      System.Text.Json (>= 8.0.4)
    Elsa.JavaScript (3.2.3)
      Elsa.Api.Common (>= 3.2.3)
      Elsa.Expressions (>= 3.2.3)
      Elsa.Workflows.Management (>= 3.2.3)
      Jint (>= 3.1.5)
      System.Linq.Async (>= 6.0.1)
    Elsa.KeyValues (3.2.3)
      Elsa.Common (>= 3.2.3)
      Elsa.Features (>= 3.2.3)
    Elsa.Liquid (3.2.3)
      Elsa.Expressions (>= 3.2.3)
      Elsa.Workflows.Core (>= 3.2.3)
      Elsa.Workflows.Management (>= 3.2.3)
      Fluid.Core (>= 2.11)
      Microsoft.Extensions.Caching.Memory (>= 8.0.1)
      Microsoft.Extensions.Configuration.Abstractions (>= 8.0)
    Elsa.Mediator (3.2.3)
      Microsoft.Extensions.DependencyInjection.Abstractions (>= 8.0.2)
      Microsoft.Extensions.Hosting.Abstractions (>= 8.0.1)
      Microsoft.Extensions.Logging.Abstractions (>= 8.0.2)
      Microsoft.Extensions.Options.ConfigurationExtensions (>= 8.0)
    Elsa.SasTokens (3.2.3)
      Elsa.Features (>= 3.2.3)
    Elsa.Scheduling (3.2)
      Cronos (>= 0.8.4)
      Elsa.Workflows.Runtime (>= 3.2)
    Elsa.Workflows.Core (3.2.3)
      Elsa.Common (>= 3.2.3)
      Elsa.Expressions (>= 3.2.3)
      Humanizer.Core (>= 2.14.1)
      Microsoft.Extensions.Hosting.Abstractions (>= 8.0.1)
      Microsoft.Extensions.Logging (>= 8.0.1)
      Microsoft.Extensions.Logging.Abstractions (>= 8.0.2)
      Microsoft.Extensions.Options (>= 8.0.2)
      Newtonsoft.Json (>= 13.0.3)
      ShortGuid (>= 2.0.1)
      System.Linq.Async (>= 6.0.1)
    Elsa.Workflows.Management (3.2.3)
      Elsa.Api.Common (>= 3.2.3)
      Elsa.Caching (>= 3.2.3)
      Elsa.Dsl (>= 3.2.3)
      Elsa.Workflows.Core (>= 3.2.3)
      Humanizer.Core (>= 2.14.1)
      IronCompress (>= 1.5.2)
      System.Linq.Dynamic.Core (>= 1.4.1)
    Elsa.Workflows.Runtime (3.2.3)
      DistributedLock.FileSystem (>= 1.0.2)
      Elsa.Caching (>= 3.2.3)
      Elsa.KeyValues (>= 3.2.3)
      Elsa.Workflows.Core (>= 3.2.3)
      Elsa.Workflows.Management (>= 3.2.3)
      Microsoft.Extensions.DependencyInjection (>= 8.0.1)
      Microsoft.Extensions.Hosting.Abstractions (>= 8.0.1)
      Open.Linq.AsyncExtensions (>= 1.2)
    FastEndpoints (5.31)
      FastEndpoints.Attributes (>= 5.31)
      FastEndpoints.Messaging.Core (>= 5.31)
      FluentValidation (>= 11.10)
    FastEndpoints.Attributes (5.31)
    FastEndpoints.Messaging.Core (5.31)
    FastEndpoints.Security (5.31)
      FastEndpoints (>= 5.31)
      Microsoft.AspNetCore.Authentication.JwtBearer (>= 8.0.10)
    FastEndpoints.Swagger (5.31)
      FastEndpoints (>= 5.31)
      NSwag.AspNetCore (>= 14.1)
    FluentStorage (5.6)
      Microsoft.IO.RecyclableMemoryStream (>= 3.0.1)
      System.Text.Json (>= 8.0.4)
      System.Threading.Thread (>= 4.3)
      TestableIO.System.IO.Abstractions.Wrappers (>= 21.0.22)
    FluentValidation (11.11)
    Fluid.Core (2.13.1)
      Microsoft.Extensions.FileProviders.Abstractions (>= 8.0)
      Parlot (>= 1.1)
      TimeZoneConverter (>= 6.1)
    Humanizer.Core (2.14.1)
    IronCompress (1.6.3)
      Snappier (>= 1.1.6)
      ZstdSharp.Port (>= 0.8.1)
    Jint (4.1)
      Acornima (>= 1.1)
    Json.More.Net (2.0.2)
    JsonPath.Net (1.0.5)
      Json.More.Net (>= 2.0.1.2)
    librdkafka.redist (2.6.1)
    LinqKit.Core (1.2.7)
    Microsoft.AspNetCore.Authentication.JwtBearer (8.0.11)
      Microsoft.IdentityModel.Protocols.OpenIdConnect (>= 7.1.2)
    Microsoft.Bcl.AsyncInterfaces (9.0)
    Microsoft.CSharp (4.7)
    Microsoft.Extensions.ApiDescription.Server (9.0)
    Microsoft.Extensions.Caching.Abstractions (9.0)
      Microsoft.Extensions.Primitives (>= 9.0)
    Microsoft.Extensions.Caching.Memory (8.0.1)
      Microsoft.Extensions.Caching.Abstractions (>= 8.0)
      Microsoft.Extensions.DependencyInjection.Abstractions (>= 8.0.2)
      Microsoft.Extensions.Logging.Abstractions (>= 8.0.2)
      Microsoft.Extensions.Options (>= 8.0.2)
      Microsoft.Extensions.Primitives (>= 8.0)
    Microsoft.Extensions.Configuration.Abstractions (8.0)
      Microsoft.Extensions.Primitives (>= 8.0)
    Microsoft.Extensions.Configuration.Binder (8.0.2)
      Microsoft.Extensions.Configuration.Abstractions (>= 8.0)
    Microsoft.Extensions.DependencyInjection (8.0.1)
      Microsoft.Extensions.DependencyInjection.Abstractions (>= 8.0.2)
    Microsoft.Extensions.DependencyInjection.Abstractions (8.0.2)
    Microsoft.Extensions.DependencyModel (9.0)
      System.Text.Encodings.Web (>= 9.0)
      System.Text.Json (>= 9.0)
    Microsoft.Extensions.Diagnostics.Abstractions (8.0.1)
      Microsoft.Extensions.DependencyInjection.Abstractions (>= 8.0.2)
      Microsoft.Extensions.Options (>= 8.0.2)
    Microsoft.Extensions.FileProviders.Abstractions (9.0)
      Microsoft.Extensions.Primitives (>= 9.0)
    Microsoft.Extensions.FileProviders.Embedded (9.0)
      Microsoft.Extensions.FileProviders.Abstractions (>= 9.0)
    Microsoft.Extensions.Hosting.Abstractions (8.0.1)
      Microsoft.Extensions.Configuration.Abstractions (>= 8.0)
      Microsoft.Extensions.DependencyInjection.Abstractions (>= 8.0.2)
      Microsoft.Extensions.Diagnostics.Abstractions (>= 8.0.1)
      Microsoft.Extensions.FileProviders.Abstractions (>= 8.0)
      Microsoft.Extensions.Logging.Abstractions (>= 8.0.2)
    Microsoft.Extensions.Logging (8.0.1)
      Microsoft.Extensions.DependencyInjection (>= 8.0.1)
      Microsoft.Extensions.Logging.Abstractions (>= 8.0.2)
      Microsoft.Extensions.Options (>= 8.0.2)
    Microsoft.Extensions.Logging.Abstractions (8.0.2)
      Microsoft.Extensions.DependencyInjection.Abstractions (>= 8.0.2)
    Microsoft.Extensions.Options (8.0.2)
      Microsoft.Extensions.DependencyInjection.Abstractions (>= 8.0)
      Microsoft.Extensions.Primitives (>= 8.0)
    Microsoft.Extensions.Options.ConfigurationExtensions (8.0)
      Microsoft.Extensions.Configuration.Abstractions (>= 8.0)
      Microsoft.Extensions.Configuration.Binder (>= 8.0)
      Microsoft.Extensions.DependencyInjection.Abstractions (>= 8.0)
      Microsoft.Extensions.Options (>= 8.0)
      Microsoft.Extensions.Primitives (>= 8.0)
    Microsoft.Extensions.Primitives (9.0)
    Microsoft.IdentityModel.Abstractions (8.2.1)
    Microsoft.IdentityModel.JsonWebTokens (8.2.1)
      Microsoft.IdentityModel.Tokens (>= 8.2.1)
    Microsoft.IdentityModel.Logging (8.2.1)
      Microsoft.IdentityModel.Abstractions (>= 8.2.1)
    Microsoft.IdentityModel.Protocols (8.2.1)
      Microsoft.IdentityModel.Tokens (>= 8.2.1)
    Microsoft.IdentityModel.Protocols.OpenIdConnect (8.2.1)
      Microsoft.IdentityModel.Protocols (>= 8.2.1)
      System.IdentityModel.Tokens.Jwt (>= 8.2.1)
    Microsoft.IdentityModel.Tokens (8.2.1)
      Microsoft.IdentityModel.Logging (>= 8.2.1)
    Microsoft.IO.RecyclableMemoryStream (3.0.1)
    Microsoft.NETCore.Platforms (7.0.4)
    Microsoft.NETCore.Targets (5.0)
    Namotion.Reflection (3.2)
    Newtonsoft.Json (13.0.3)
    NJsonSchema (11.1)
      Namotion.Reflection (>= 3.2)
      Newtonsoft.Json (>= 13.0.3)
      NJsonSchema.Annotations (>= 11.1)
    NJsonSchema.Annotations (11.1)
    NJsonSchema.NewtonsoftJson (11.1)
      Newtonsoft.Json (>= 13.0.3)
      NJsonSchema (>= 11.1)
    NJsonSchema.Yaml (11.1)
      NJsonSchema (>= 11.1)
      YamlDotNet (>= 16.2)
    NSwag.Annotations (14.2)
    NSwag.AspNetCore (14.2)
      Microsoft.Extensions.ApiDescription.Server (>= 6.0.3)
      Microsoft.Extensions.FileProviders.Embedded (>= 8.0)
      NSwag.Annotations (>= 14.2)
      NSwag.Core (>= 14.2)
      NSwag.Core.Yaml (>= 14.2)
      NSwag.Generation (>= 14.2)
      NSwag.Generation.AspNetCore (>= 14.2)
    NSwag.Core (14.2)
      NJsonSchema (>= 11.1)
    NSwag.Core.Yaml (14.2)
      NJsonSchema.Yaml (>= 11.1)
      NSwag.Core (>= 14.2)
    NSwag.Generation (14.2)
      NJsonSchema.NewtonsoftJson (>= 11.1)
      NSwag.Core (>= 14.2)
    NSwag.Generation.AspNetCore (14.2)
      Microsoft.Extensions.DependencyInjection.Abstractions (>= 8.0)
      Microsoft.Extensions.Options (>= 8.0)
      NSwag.Generation (>= 14.2)
    Open.Linq.AsyncExtensions (1.2)
    Parlot (1.1)
    Scrutor (5.0.2)
      Microsoft.Extensions.DependencyInjection.Abstractions (>= 8.0.1)
      Microsoft.Extensions.DependencyModel (>= 8.0.2)
    ShortGuid (2.0.1)
    Snappier (1.1.6)
    Stubble.Core (1.10.8)
      Microsoft.CSharp (>= 4.7)
      System.Collections.Immutable (>= 5.0)
      System.Threading.Tasks.Extensions (>= 4.5.4)
    System.CodeDom (9.0)
    System.Collections.Immutable (9.0)
    System.ComponentModel.Annotations (5.0)
    System.Globalization (4.3)
      Microsoft.NETCore.Platforms (>= 1.1)
      Microsoft.NETCore.Targets (>= 1.1)
      System.Runtime (>= 4.3)
    System.IdentityModel.Tokens.Jwt (8.2.1)
      Microsoft.IdentityModel.JsonWebTokens (>= 8.2.1)
      Microsoft.IdentityModel.Tokens (>= 8.2.1)
    System.IO (4.3)
      Microsoft.NETCore.Platforms (>= 1.1)
      Microsoft.NETCore.Targets (>= 1.1)
      System.Runtime (>= 4.3)
      System.Text.Encoding (>= 4.3)
      System.Threading.Tasks (>= 4.3)
    System.IO.Pipelines (9.0)
    System.Linq.Async (6.0.1)
      Microsoft.Bcl.AsyncInterfaces (>= 6.0)
    System.Linq.Dynamic.Core (1.4.9)
    System.Reflection (4.3)
      Microsoft.NETCore.Platforms (>= 1.1)
      Microsoft.NETCore.Targets (>= 1.1)
      System.IO (>= 4.3)
      System.Reflection.Primitives (>= 4.3)
      System.Runtime (>= 4.3)
    System.Reflection.Primitives (4.3)
      Microsoft.NETCore.Platforms (>= 1.1)
      Microsoft.NETCore.Targets (>= 1.1)
      System.Runtime (>= 4.3)
    System.Resources.ResourceManager (4.3)
      Microsoft.NETCore.Platforms (>= 1.1)
      Microsoft.NETCore.Targets (>= 1.1)
      System.Globalization (>= 4.3)
      System.Reflection (>= 4.3)
      System.Runtime (>= 4.3)
    System.Runtime (4.3.1)
      Microsoft.NETCore.Platforms (>= 1.1.1)
      Microsoft.NETCore.Targets (>= 1.1.3)
    System.Runtime.Extensions (4.3.1)
      Microsoft.NETCore.Platforms (>= 1.1.1)
      Microsoft.NETCore.Targets (>= 1.1.3)
      System.Runtime (>= 4.3.1)
    System.Runtime.Numerics (4.3)
      System.Globalization (>= 4.3)
      System.Resources.ResourceManager (>= 4.3)
      System.Runtime (>= 4.3)
      System.Runtime.Extensions (>= 4.3)
    System.Text.Encoding (4.3)
      Microsoft.NETCore.Platforms (>= 1.1)
      Microsoft.NETCore.Targets (>= 1.1)
      System.Runtime (>= 4.3)
    System.Text.Encodings.Web (9.0)
    System.Text.Json (9.0)
      System.IO.Pipelines (>= 9.0)
      System.Text.Encodings.Web (>= 9.0)
    System.Threading.Tasks (4.3)
      Microsoft.NETCore.Platforms (>= 1.1)
      Microsoft.NETCore.Targets (>= 1.1)
      System.Runtime (>= 4.3)
    System.Threading.Tasks.Extensions (4.6)
    System.Threading.Thread (4.3)
      System.Runtime (>= 4.3)
    TestableIO.System.IO.Abstractions (21.1.3)
    TestableIO.System.IO.Abstractions.Wrappers (21.1.3)
      TestableIO.System.IO.Abstractions (>= 21.1.3)
    TimeZoneConverter (6.1)
    YamlDotNet (16.2)
    ZstdSharp.Port (0.8.3)
